PATH
  remote: .
  specs:
    bunnyhop (0.0.1)
      activesupport (>= 3.0.0)
      amqp (~> 1.3)
      bunny (~> 1.1)
      eventmachine (~> 1.0)
      oj (~> 2.5)

GEM
  remote: https://rubygems.org/
  specs:
    activesupport (4.0.3)
      i18n (~> 0.6, >= 0.6.4)
      minitest (~> 4.2)
      multi_json (~> 1.3)
      thread_safe (~> 0.1)
      tzinfo (~> 0.3.37)
    amq-protocol (1.9.2)
    amqp (1.3.0)
      amq-protocol (>= 1.9.2)
      eventmachine
    atomic (1.1.15)
    bunny (1.1.3)
      amq-protocol (>= 1.9.2)
    diff-lcs (1.2.5)
    eventmachine (1.0.3)
    i18n (0.6.9)
    minitest (4.7.5)
    multi_json (1.9.0)
    oj (2.5.5)
    rspec (2.14.1)
      rspec-core (~> 2.14.0)
      rspec-expectations (~> 2.14.0)
      rspec-mocks (~> 2.14.0)
    rspec-core (2.14.8)
    rspec-expectations (2.14.5)
      diff-lcs (>= 1.1.3, < 2.0)
    rspec-mocks (2.14.6)
    thread_safe (0.2.0)
      atomic (>= 1.1.7, < 2)
    tzinfo (0.3.38)

PLATFORMS
  ruby

DEPENDENCIES
  bunnyhop!
  rspec (~> 2.14)
