PATH
  remote: .
  specs:
    bunnyhop (0.0.1)
      amqp (~> 1.3)
      bunny (~> 1.1)
      eventmachine (~> 1.0)
      oj (~> 2.5)

GEM
  remote: https://rubygems.org/
  specs:
    amq-protocol (1.9.2)
    amqp (1.3.0)
      amq-protocol (>= 1.9.2)
      eventmachine
    bunny (1.1.3)
      amq-protocol (>= 1.9.2)
    diff-lcs (1.2.5)
    eventmachine (1.0.3)
    oj (2.5.5)
    rspec (2.14.1)
      rspec-core (~> 2.14.0)
      rspec-expectations (~> 2.14.0)
      rspec-mocks (~> 2.14.0)
    rspec-core (2.14.8)
    rspec-expectations (2.14.5)
      diff-lcs (>= 1.1.3, < 2.0)
    rspec-mocks (2.14.6)

PLATFORMS
  ruby

DEPENDENCIES
  bunnyhop!
  rspec (~> 2.14)
