PATH
  remote: .
  specs:
    bunnyhop (0.0.1)
      activesupport (>= 3.0.0)
      amqp (~> 1.4.1)
      bunny (~> 1.3.1)
      eventmachine (~> 1.0.3)
      oj (~> 2.5)

GEM
  remote: https://rubygems.org/
  specs:
    activesupport (4.1.4)
      i18n (~> 0.6, >= 0.6.9)
      json (~> 1.7, >= 1.7.7)
      minitest (~> 5.1)
      thread_safe (~> 0.1)
      tzinfo (~> 1.1)
    amq-protocol (1.9.2)
    amqp (1.4.1)
      amq-protocol (>= 1.9.2)
      eventmachine
    bunny (1.3.1)
      amq-protocol (>= 1.9.2)
    diff-lcs (1.2.5)
    eventmachine (1.0.3)
    i18n (0.6.11)
    json (1.8.1)
    minitest (5.4.0)
    oj (2.9.9)
    rspec (2.14.1)
      rspec-core (~> 2.14.0)
      rspec-expectations (~> 2.14.0)
      rspec-mocks (~> 2.14.0)
    rspec-core (2.14.8)
    rspec-expectations (2.14.5)
      diff-lcs (>= 1.1.3, < 2.0)
    rspec-mocks (2.14.6)
    thread_safe (0.3.4)
    tzinfo (1.2.1)
      thread_safe (~> 0.1)

PLATFORMS
  ruby

DEPENDENCIES
  bunnyhop!
  rspec (~> 2.14)
